GEM
  remote: http://rubygems.org/
  specs:
    active_support (3.0.0)
      activesupport (= 3.0.0)
    activesupport (3.0.0)
    awesome_print (1.1.0)
    httparty (0.11.0)
      multi_json (~> 1.0)
      multi_xml (>= 0.5.2)
    i18n (0.6.4)
    multi_json (1.7.2)
    multi_xml (0.5.3)
    nokogiri (1.5.9)

PLATFORMS
  ruby

DEPENDENCIES
  active_support
  awesome_print
  bundler (~> 1.3.0)
  httparty
  i18n
  nokogiri
